GIT
  remote: https://github.com/hiptest/jeweler.git
  revision: 3793d7f7065c8f84cd20b297e72b5a5a64e4cd65
  branch: use_github_api_16
  specs:
    jeweler (2.3.4)
      builder
      bundler (>= 1.0)
      git (>= 1.2.5)
      github_api (~> 0.16.0)
      highline (>= 1.6.15)
      nokogiri (>= 1.5.10)
      psych (~> 2.2)
      rake
      rdoc
      semver2

GEM
  remote: https://rubygems.org/
  specs:
    addressable (2.4.0)
    blankslate (3.1.3)
    builder (3.2.3)
    byebug (9.0.6)
    codeclimate-test-reporter (0.5.1)
      simplecov (>= 0.7.1, < 1.0.0)
    coderay (1.1.1)
    colorize (0.7.7)
    crack (0.4.3)
      safe_yaml (~> 1.0.0)
    descendants_tracker (0.0.4)
      thread_safe (~> 0.3, >= 0.3.1)
    diff-lcs (1.2.5)
    docile (1.1.5)
    faraday (0.9.2)
      multipart-post (>= 1.2, < 3)
    git (1.3.0)
    github_api (0.16.0)
      addressable (~> 2.4.0)
      descendants_tracker (~> 0.0.4)
      faraday (~> 0.8, < 0.10)
      hashie (>= 3.4)
      mime-types (>= 1.16, < 3.0)
      oauth2 (~> 1.0)
    hashie (3.5.5)
    highline (1.7.8)
    i18n (0.7.0)
    json (1.8.3)
    jwt (1.5.6)
    method_source (0.8.2)
    mime-types (2.99.3)
    mini_portile2 (2.1.0)
    multi_json (1.12.1)
    multi_xml (0.6.0)
    multipart-post (2.0.0)
    nokogiri (1.7.1)
      mini_portile2 (~> 2.1.0)
    oauth2 (1.3.1)
      faraday (>= 0.8, < 0.12)
      jwt (~> 1.0)
      multi_json (~> 1.3)
      multi_xml (~> 0.5)
      rack (>= 1.2, < 3)
    parseconfig (1.0.8)
    parslet (1.7.1)
      blankslate (>= 2.0, <= 4.0)
    pry (0.10.4)
      coderay (~> 1.1.0)
      method_source (~> 0.8.1)
      slop (~> 3.4)
    pry-byebug (3.4.2)
      byebug (~> 9.0)
      pry (~> 0.10)
    psych (2.2.4)
    rack (2.0.1)
    rake (12.0.0)
    rdoc (5.1.0)
    rspec (3.4.0)
      rspec-core (~> 3.4.0)
      rspec-expectations (~> 3.4.0)
      rspec-mocks (~> 3.4.0)
    rspec-core (3.4.4)
      rspec-support (~> 3.4.0)
    rspec-expectations (3.4.0)
      diff-lcs (>= 1.2.0, < 2.0)
      rspec-support (~> 3.4.0)
    rspec-mocks (3.4.1)
      diff-lcs (>= 1.2.0, < 2.0)
      rspec-support (~> 3.4.0)
    rspec-support (3.4.1)
    ruby-handlebars (0.0.5)
      colorize (~> 0.7, >= 0.7.5)
      parslet (~> 1.6, >= 1.6.2)
    ruby_version (1.0.1)
    safe_yaml (1.0.4)
    semver2 (3.4.2)
    simplecov (0.11.2)
      docile (~> 1.1.0)
      json (~> 1.8)
      simplecov-html (~> 0.10.0)
    simplecov-html (0.10.0)
    slop (3.6.0)
    thread_safe (0.3.6)
    webmock (1.21.0)
      addressable (>= 2.3.6)
      crack (>= 0.3.2)

PLATFORMS
  ruby

DEPENDENCIES
  codeclimate-test-reporter (~> 0.4, >= 0.4.6)
  colorize (~> 0.7, >= 0.7.5)
  i18n (~> 0.7, >= 0.7.0)
  jeweler!
  multipart-post (~> 2.0, >= 2.0.0)
  nokogiri (~> 1.7.0, >= 1.7.1)
  parseconfig (~> 1.0, >= 1.0.4)
  pry (~> 0)
  pry-byebug (~> 3)
  rspec (~> 3.3)
  rspec-mocks (~> 3.3)
  ruby-handlebars (~> 0.0.2)
  ruby_version (~> 1)
  webmock

BUNDLED WITH
   1.14.5
