GEM
  remote: https://rubygems.org/
  specs:
    colorize (0.6.0)
    diff-lcs (1.2.5)
    i18n (0.6.4)
    mini_portile (0.5.1)
    nokogiri (1.6.0)
      mini_portile (~> 0.5.0)
    parseconfig (1.0.2)
    rspec (2.14.1)
      rspec-core (~> 2.14.0)
      rspec-expectations (~> 2.14.0)
      rspec-mocks (~> 2.14.0)
    rspec-core (2.14.8)
    rspec-expectations (2.14.5)
      diff-lcs (>= 1.1.3, < 2.0)
    rspec-mocks (2.14.6)

PLATFORMS
  ruby

DEPENDENCIES
  colorize
  i18n
  nokogiri
  parseconfig
  rspec
  rspec-mocks
